GIT
  remote: git://github.com/lukeredpath/mimic.git
  revision: 36bfa0c3cffcf262102eaa49e5c845c4ef8e4bdc
  branch: develop
  specs:
    mimic (0.4.0)
      json
      plist
      rack
      sinatra

GEM
  remote: http://rubygems.org/
  specs:
    daemons (1.1.0)
    json (1.4.6)
    plist (3.1.0)
    rack (1.2.1)
    sinatra (1.1.2)
      rack (~> 1.1)
      tilt (~> 1.2)
    tilt (1.2.1)

PLATFORMS
  ruby

DEPENDENCIES
  daemons
  mimic!
