GIT
  remote: git://github.com/lukeredpath/mimic.git
  revision: 6a1517d7ce6f97877f7d41632dd54a48ce84ef46
  branch: develop
  specs:
    mimic (0.3.0)
      daemons
      json
      plist
      rack
      sinatra

GEM
  remote: http://rubygems.org/
  specs:
    daemons (1.1.0)
    json (1.4.6)
    plist (3.1.0)
    rack (1.2.1)
    sinatra (1.1.2)
      rack (~> 1.1)
      tilt (~> 1.2)
    tilt (1.2.1)

PLATFORMS
  ruby

DEPENDENCIES
  mimic!
